GEM
  remote: https://rubygems.org/
  specs:
    addressable (2.8.6)
      public_suffix (>= 2.0.2, < 6.0)
    cf-uaa-lib (4.0.4)
      addressable (~> 2.8, >= 2.8.0)
      httpclient (~> 2.8, >= 2.8.2.4)
      multi_json (>= 1.12.1, < 1.16)
    cf-uaac (4.23.0)
      cf-uaa-lib (~> 4.0.4)
      em-http-request (~> 1.1, >= 1.1.2)
      eventmachine (~> 1.2)
      highline (>= 2, < 4)
      json_pure (~> 2.6)
      launchy (>= 2.5, < 4.0)
      rack (~> 3.0)
    childprocess (5.0.0)
    cookiejar (0.3.4)
    em-http-request (1.1.7)
      addressable (>= 2.3.4)
      cookiejar (!= 0.3.1)
      em-socksify (>= 0.3)
      eventmachine (>= 1.0.3)
      http_parser.rb (>= 0.6.0)
    em-socksify (0.3.2)
      eventmachine (>= 1.0.0.beta.4)
    eventmachine (1.2.7)
    highline (3.0.1)
    http_parser.rb (0.8.0)
    httpclient (2.8.3)
    json_pure (2.7.2)
    launchy (3.0.1)
      addressable (~> 2.8)
      childprocess (~> 5.0)
    multi_json (1.15.0)
    public_suffix (5.0.5)
    rack (3.0.11)

PLATFORMS
  ruby
  x86_64-linux

DEPENDENCIES
  cf-uaac

BUNDLED WITH
   2.5.9
